PATH
  remote: .
  specs:
    xcperfect (0.0.1)
      rouge (~> 2.0.7)

GEM
  remote: https://rubygems.org/
  specs:
    ast (2.4.0)
    parallel (1.12.1)
    parser (2.5.1.0)
      ast (~> 2.4.0)
    powerpack (0.1.1)
    rainbow (2.2.2)
      rake
    rake (12.3.1)
    rouge (2.0.7)
    rubocop (0.49.1)
      parallel (~> 1.10)
      parser (>= 2.3.3.1, < 3.0)
      powerpack (~> 0.1)
      rainbow (>= 1.99.1, < 3.0)
      ruby-progressbar (~> 1.7)
      unicode-display_width (~> 1.0, >= 1.0.1)
    ruby-progressbar (1.9.0)
    unicode-display_width (1.3.3)

PLATFORMS
  ruby

DEPENDENCIES
  bundler (~> 1.3)
  rake
  rubocop (~> 0.49.0)
  xcperfect!

BUNDLED WITH
   1.16.2
